GEM
  remote: https://rubygems.org/
  remote: http://gemcutter.org/
  specs:
    actionmailer (2.3.17)
      actionpack (= 2.3.17)
    actionpack (2.3.17)
      activesupport (= 2.3.17)
      rack (~> 1.1.0)
    activerecord (2.3.17)
      activesupport (= 2.3.17)
    activeresource (2.3.17)
      activesupport (= 2.3.17)
    activesupport (2.3.17)
    acts-as-taggable-on (2.0.5)
    acts_as_audited (1.1.1)
      activerecord (>= 2.1)
    authlogic (2.1.9)
      activerecord (~> 2.3.0)
      activesupport (~> 2.3.0)
    bluecloth (2.2.0)
    daemons (1.0.10)
    delayed_job (2.0.7)
      activesupport (~> 2.0)
      daemons (= 1.0.10)
    fastercsv (1.5.5)
    i18n (0.4.2)
    jrails (0.6.0)
    mysql (2.8.1)
    rack (1.1.3)
    rails (2.3.17)
      actionmailer (= 2.3.17)
      actionpack (= 2.3.17)
      activerecord (= 2.3.17)
      activeresource (= 2.3.17)
      activesupport (= 2.3.17)
      rake (>= 0.8.3)
    rake (10.0.3)
    time_diff (0.3.0)
      activesupport
      i18n
    will_paginate (2.3.16)

PLATFORMS
  ruby

DEPENDENCIES
  actionmailer (= 2.3.17)
  actionpack (= 2.3.17)
  activerecord (= 2.3.17)
  activeresource (= 2.3.17)
  activesupport (= 2.3.17)
  acts-as-taggable-on (= 2.0.5)
  acts_as_audited (= 1.1.1)
  authlogic (~> 2.1.0)
  bluecloth
  delayed_job (~> 2.0.7)
  fastercsv (= 1.5.5)
  i18n (= 0.4.2)
  jrails (= 0.6.0)
  mysql (= 2.8.1)
  rack (= 1.1.3)
  rails (~> 2.3.17)
  time_diff
  will_paginate (~> 2.3.11)
